GIT
  remote: git://github.com/kneath/kss.git
  revision: ba08eb64c9396c9c6d1a8890be28d2cbf6dbc945
  specs:
    kss (0.3.0)

GEM
  remote: http://rubygems.org/
  specs:
    rack (1.4.1)
    rack-protection (1.2.0)
      rack
    sinatra (1.3.2)
      rack (~> 1.3, >= 1.3.6)
      rack-protection (~> 1.2)
      tilt (~> 1.3, >= 1.3.3)
    tilt (1.3.3)

PLATFORMS
  ruby

DEPENDENCIES
  kss!
  sinatra (~> 1.3.1)
